GEM
  remote: https://rubygems.org/
  specs:
    bcrypt (3.1.7)

PLATFORMS
  ruby

DEPENDENCIES
  bcrypt (= 3.1.7)

BUNDLED WITH
   1.12.5
